GEM
  remote: https://rubygems.org/
  specs:
    backports (2.5.3)
    coderay (1.0.7)
    little-plugger (1.1.3)
    logging (1.7.2)
      little-plugger (>= 1.1.3)
    method_source (0.7.1)
    multi_json (1.3.6)
    mustermann (1.0.3)
    pry (0.9.9.6)
      coderay (~> 1.0.5)
      method_source (~> 0.7.1)
      slop (>= 2.4.4, < 3)
    rack (2.0.8)
    rack-protection (2.0.7)
      rack
    redis (3.0.1)
    redis-namespace (1.2.0)
      redis (~> 3.0.0)
    redis_failover (0.8.7)
      multi_json (~> 1)
      redis (~> 3)
      redis-namespace
      zk (~> 1.6)
    resque (1.21.0)
      multi_json (~> 1.0)
      redis-namespace (~> 1.0)
      sinatra (>= 0.9.2)
      vegas (~> 0.1.2)
    sinatra (2.0.7)
      mustermann (~> 1.0)
      rack (~> 2.0)
      rack-protection (= 2.0.7)
      tilt (~> 2.0)
    slop (2.4.4)
    tilt (2.0.10)
    vegas (0.1.11)
      rack (>= 1.0.0)
    zk (1.6.3)
      backports (~> 2.5.1)
      logging (~> 1.7.2)
      zookeeper (~> 1.2.4)
    zookeeper (1.2.10)
      backports (~> 2.5.1)
      logging (~> 1.7.2)

PLATFORMS
  ruby

DEPENDENCIES
  pry
  redis_failover
  resque
